GIT
  remote: https://github.com/krobertson/dm-paperclip.git
  revision: aabad04f2a65e8f628e7e838d9bd3e1c9c39914d
  specs:
    dm-paperclip (2.4.1)

GEM
  remote: http://rubygems.org/
  specs:
    ZenTest (4.8.0)
    addressable (2.2.8)
    autotest (4.4.6)
      ZenTest (>= 4.4.1)
    aws-s3 (0.6.2)
      builder
      mime-types
      xml-simple
    backports (2.5.3)
    bcrypt-ruby (3.0.1)
    builder (3.0.0)
    capistrano (2.12.0)
      highline
      net-scp (>= 1.0.0)
      net-sftp (>= 2.0.0)
      net-ssh (>= 2.0.14)
      net-ssh-gateway (>= 1.1.0)
    childprocess (0.3.2)
      ffi (~> 1.0.6)
    daemons (1.1.8)
    dalli (2.0.5)
    data_mapper (1.2.0)
      dm-aggregates (~> 1.2.0)
      dm-constraints (~> 1.2.0)
      dm-core (~> 1.2.0)
      dm-migrations (~> 1.2.0)
      dm-serializer (~> 1.2.0)
      dm-timestamps (~> 1.2.0)
      dm-transactions (~> 1.2.0)
      dm-types (~> 1.2.0)
      dm-validations (~> 1.2.0)
    data_objects (0.10.8)
      addressable (~> 2.1)
    diff-lcs (1.1.3)
    dm-aggregates (1.2.0)
      dm-core (~> 1.2.0)
    dm-constraints (1.2.0)
      dm-core (~> 1.2.0)
    dm-core (1.2.0)
      addressable (~> 2.2.6)
    dm-do-adapter (1.2.0)
      data_objects (~> 0.10.6)
      dm-core (~> 1.2.0)
    dm-migrations (1.2.0)
      dm-core (~> 1.2.0)
    dm-postgres-adapter (1.2.0)
      dm-do-adapter (~> 1.2.0)
      do_postgres (~> 0.10.6)
    dm-serializer (1.2.1)
      dm-core (~> 1.2.0)
      fastercsv (~> 1.5.4)
      json (~> 1.6.1)
      json_pure (~> 1.6.1)
      multi_json (~> 1.0.3)
    dm-timestamps (1.2.0)
      dm-core (~> 1.2.0)
    dm-transactions (1.2.0)
      dm-core (~> 1.2.0)
    dm-types (1.2.1)
      bcrypt-ruby (~> 3.0.0)
      dm-core (~> 1.2.0)
      fastercsv (~> 1.5.4)
      json (~> 1.6.1)
      multi_json (~> 1.0.3)
      stringex (~> 1.3.0)
      uuidtools (~> 2.1.2)
    dm-validations (1.2.0)
      dm-core (~> 1.2.0)
    do_postgres (0.10.8)
      data_objects (= 0.10.8)
    eventmachine (0.12.10)
    excon (0.13.4)
    fakeweb (1.3.0)
    fastercsv (1.5.5)
    ffi (1.0.11)
    haml (3.1.6)
    heroku (2.26.1)
      heroku-api (~> 0.2.1)
      launchy (>= 0.3.2)
      netrc (~> 0.7.2)
      rest-client (~> 1.6.1)
      rubyzip
    heroku-api (0.2.1)
      excon (~> 0.13.3)
    highline (1.6.12)
    jasmine (1.2.0)
      jasmine-core (>= 1.2.0)
      rack (~> 1.0)
      rspec (>= 1.3.1)
      selenium-webdriver (>= 0.1.3)
    jasmine-core (1.2.0)
    jruby-pageant (1.0.2)
    json (1.6.7)
    json_pure (1.6.7)
    launchy (2.1.0)
      addressable (~> 2.2.6)
    libwebsocket (0.1.3)
      addressable
    metaclass (0.0.1)
    mime-types (1.18)
    mocha (0.11.4)
      metaclass (~> 0.0.1)
    multi_json (1.0.4)
    net-scp (1.0.4)
      net-ssh (>= 1.99.1)
    net-sftp (2.0.5)
      net-ssh (>= 2.0.9)
    net-ssh (2.5.1)
      jruby-pageant (>= 1.0.2)
    net-ssh-gateway (1.1.0)
      net-ssh (>= 1.99.1)
    netrc (0.7.2)
    nokogiri (1.5.2)
    pg (0.13.2)
    rack (1.4.1)
    rack-protection (1.2.0)
      rack
    rack-test (0.6.1)
      rack (>= 1.0)
    rake (0.9.2.2)
    rdiscount (1.6.8)
    rest-client (1.6.7)
      mime-types (>= 1.16)
    rspec (2.10.0)
      rspec-core (~> 2.10.0)
      rspec-expectations (~> 2.10.0)
      rspec-mocks (~> 2.10.0)
    rspec-core (2.10.1)
    rspec-expectations (2.10.0)
      diff-lcs (~> 1.1.3)
    rspec-mocks (2.10.1)
    rubyzip (0.9.8)
    sass (3.1.18)
    selenium-webdriver (2.21.2)
      childprocess (>= 0.2.5)
      ffi (~> 1.0)
      libwebsocket (~> 0.1.3)
      multi_json (~> 1.0)
      rubyzip
    sinatra (1.3.2)
      rack (~> 1.3, >= 1.3.6)
      rack-protection (~> 1.2)
      tilt (~> 1.3, >= 1.3.3)
    sinatra-contrib (1.3.1)
      backports (>= 2.0)
      eventmachine
      rack-protection
      rack-test
      sinatra (~> 1.3.0)
      tilt (~> 1.3)
    sinatra-logger (0.1.1)
      sinatra (>= 1.0)
    sinatra-static-assets (1.0.3)
      sinatra (>= 1.1.0)
    stringex (1.3.3)
    thin (1.3.1)
      daemons (>= 1.0.9)
      eventmachine (>= 0.12.6)
      rack (>= 1.0.0)
    tilt (1.3.3)
    uuidtools (2.1.2)
    webrat (0.7.3)
      nokogiri (>= 1.2.0)
      rack (>= 1.0)
      rack-test (>= 0.5.3)
    xml-simple (1.1.1)

PLATFORMS
  ruby

DEPENDENCIES
  autotest
  aws-s3
  capistrano
  dalli
  data_mapper (~> 1.2.0)
  dm-paperclip!
  dm-postgres-adapter
  fakeweb
  haml
  heroku
  jasmine
  mime-types
  mocha
  pg
  rack-test
  rake
  rdiscount
  rest-client
  rspec
  sass
  sinatra
  sinatra-contrib
  sinatra-logger
  sinatra-static-assets
  thin
  webrat
